GEM
  remote: https://rubygems.org/
  specs:
    httparty (0.21.0)
      mini_mime (>= 1.0.0)
      multi_xml (>= 0.5.2)
    mini_mime (1.1.2)
    mini_portile2 (2.4.0)
    multi_xml (0.6.0)
    nokogiri (1.10.9)
      mini_portile2 (~> 2.4.0)
    onelogin (1.6.0)
      httparty (>= 0.13.7)
      nokogiri (>= 1.6.3.1)

PLATFORMS
  ruby

DEPENDENCIES
  onelogin

BUNDLED WITH
   2.1.4
