GEM
  remote: https://rubygems.org/
  specs:
    httparty (0.18.0)
      mime-types (~> 3.0)
      multi_xml (>= 0.5.2)
    mime-types (3.3.1)
      mime-types-data (~> 3.2015)
    mime-types-data (3.2020.0425)
    mini_portile2 (2.8.0)
    multi_xml (0.6.0)
    nokogiri (1.13.6)
      mini_portile2 (~> 2.8.0)
      racc (~> 1.4)
    onelogin (1.6.0)
      httparty (>= 0.13.7)
      nokogiri (>= 1.6.3.1)
    racc (1.6.0)

PLATFORMS
  ruby

DEPENDENCIES
  onelogin

BUNDLED WITH
   2.1.4
